GEM
  remote: http://rubygems.org/
  specs:
    git (1.2.5)
    jeweler (1.8.4)
      bundler (~> 1.0)
      git (>= 1.2.5)
      rake
      rdoc
    json (1.8.0)
    rake (10.0.4)
    rdoc (4.0.1)
      json (~> 1.4)
    thoughtbot-shoulda (2.11.1)
    trollop (2.0)

PLATFORMS
  x86-mingw32

DEPENDENCIES
  jeweler
  thoughtbot-shoulda
  trollop (>= 1.16.2)
